PATH
  remote: .
  specs:
    kickstarter (0.0.3)
      nokogiri

GEM
  remote: http://rubygems.org/
  specs:
    fakeweb (1.3.0)
    json (1.6.5)
    nokogiri (1.5.5)
    rack (1.4.1)
    rack-protection (1.2.0)
      rack
    sinatra (1.3.2)
      rack (~> 1.3, >= 1.3.6)
      rack-protection (~> 1.2)
      tilt (~> 1.3, >= 1.3.3)
    tilt (1.3.3)

PLATFORMS
  ruby

DEPENDENCIES
  fakeweb
  json
  kickstarter!
  nokogiri
  sinatra
